GEM
  remote: https://rubygems.org/
  specs:
    kramdown (1.14.0)

PLATFORMS
  ruby

DEPENDENCIES
  kramdown

BUNDLED WITH
   1.14.6
